GEM
  remote: http://rubygems.org/
  specs:
    ZenTest (4.5.0)
    activesupport (3.0.5)
    autotest (4.4.6)
      ZenTest (>= 4.4.1)
    bson (1.2.4)
    bson_ext (1.2.4)
    capistrano (2.5.20)
      highline
      highline
      net-scp (>= 1.0.0)
      net-scp
      net-sftp
      net-sftp (>= 2.0.0)
      net-ssh (>= 2.0.14)
      net-ssh
      net-ssh-gateway
      net-ssh-gateway (>= 1.0.0)
    diff-lcs (1.1.2)
    factory_girl (1.3.3)
    haml (3.0.25)
    highline (1.6.1)
    i18n (0.5.0)
    jnunemaker-validatable (1.8.4)
      activesupport (>= 2.3.4)
    machinist (1.0.6)
    machinist_mongo (1.2.0)
      machinist (~> 1.0.6)
    mocha (0.9.12)
    mongo (1.2.4)
      bson (>= 1.2.4)
    mongo_mapper (0.8.6)
      activesupport (>= 2.3.4)
      jnunemaker-validatable (~> 1.8.4)
      plucky (~> 0.3.6)
    net-scp (1.0.4)
      net-ssh (>= 1.99.1)
    net-sftp (2.0.5)
      net-ssh (>= 2.0.9)
    net-ssh (2.1.3)
    net-ssh-gateway (1.0.1)
      net-ssh (>= 1.99.1)
    plucky (0.3.7)
      mongo (~> 1.1)
    rack (1.2.2)
    rack-test (0.5.7)
      rack (>= 1.0)
    rspec (2.5.0)
      rspec-core (~> 2.5.0)
      rspec-expectations (~> 2.5.0)
      rspec-mocks (~> 2.5.0)
    rspec-core (2.5.1)
    rspec-expectations (2.5.0)
      diff-lcs (~> 1.1.2)
    rspec-mocks (2.5.0)
    sinatra (1.1.3)
      rack (~> 1.1)
      tilt (< 2.0, >= 1.2.2)
    tilt (1.2.2)

PLATFORMS
  ruby

DEPENDENCIES
  autotest (~> 4.4.6)
  bson_ext (~> 1.2.4)
  capistrano
  factory_girl (~> 1.3.0)
  haml (~> 3.0.25)
  i18n
  machinist_mongo (= 1.2.0)
  mocha (~> 0.9.12)
  mongo_mapper (~> 0.8.6)
  rack-test (~> 0.5.7)
  rspec (~> 2.5.0)
  sinatra (~> 1.1.3)
